GEM
  remote: http://rubygems.org/
  specs:
    addressable (2.3.2)
    builder (3.1.3)
    childprocess (0.3.5)
      ffi (~> 1.0, >= 1.0.6)
    commonwatir (4.0.0)
    cucumber (1.2.1)
      builder (>= 2.1.2)
      diff-lcs (>= 1.1.3)
      gherkin (~> 2.11.0)
      json (>= 1.4.6)
    data_magic (0.9)
      faker (>= 1.0.1)
      yml_reader (>= 0.2)
    diff-lcs (1.1.3)
    faker (1.1.2)
      i18n (~> 0.5)
    ffi (1.1.5)
    gherkin (2.11.4)
      json (>= 1.4.6)
    i18n (0.6.1)
    json (1.7.5)
    libwebsocket (0.1.5)
      addressable
    multi_json (1.3.6)
    page-object (0.7.4)
      selenium-webdriver (>= 2.25.0)
      watir-webdriver (>= 0.6.1)
    rake (0.9.2.2)
    rspec (2.11.0)
      rspec-core (~> 2.11.0)
      rspec-expectations (~> 2.11.0)
      rspec-mocks (~> 2.11.0)
    rspec-core (2.11.1)
    rspec-expectations (2.11.3)
      diff-lcs (~> 1.1.3)
    rspec-mocks (2.11.3)
    rubyzip (0.9.9)
    selenium-webdriver (2.25.0)
      childprocess (>= 0.2.5)
      libwebsocket (~> 0.1.3)
      multi_json (~> 1.0)
      rubyzip
    watir (4.0.0)
      commonwatir (~> 4)
      watir-webdriver
    watir-webdriver (0.6.1)
      selenium-webdriver (>= 2.18.0)
    yml_reader (0.2)

PLATFORMS
  ruby

DEPENDENCIES
  cucumber
  data_magic
  faker
  page-object
  rake
  rspec
  watir
